PATH
  remote: .
  specs:
    epp-client (0.10.0)
      builder (>= 2.1.2)
      nokogiri (~> 1.4)

GEM
  remote: http://rubygems.org/
  specs:
    builder (3.0.0)
    nokogiri (1.5.0)

PLATFORMS
  ruby

DEPENDENCIES
  bundler (>= 1.0.0)
  epp-client!
