PATH
  remote: .
  specs:
    epp-client (0.9.9)
      builder (>= 2.1.2)
      nokogiri (~> 1.4.0)

GEM
  remote: http://rubygems.org/
  specs:
    builder (3.0.0)
    nokogiri (1.4.4)

PLATFORMS
  ruby

DEPENDENCIES
  bundler (>= 1.0.0.rc.5)
  epp-client!
