PATH
  remote: .
  specs:
    epp-client (0.9.4)
      builder (~> 2.1.2)
      nokogiri (~> 1.4.0)

GEM
  remote: http://rubygems.org/
  specs:
    builder (2.1.2)
    nokogiri (1.4.3.1)

PLATFORMS
  ruby

DEPENDENCIES
  builder (~> 2.1.2)
  bundler (>= 1.0.0.rc.5)
  epp-client!
  nokogiri (~> 1.4.0)
